PATH
  remote: .
  specs:
    metriks_leela (0.0.1)
      leela_ruby
      metriks

GEM
  remote: https://rubygems.org/
  specs:
    atomic (1.1.16)
    avl_tree (1.1.3)
    diff-lcs (1.2.5)
    ffi (1.9.3)
    hitimes (1.2.1)
    leela_ruby (0.0.1)
      ffi
    metriks (0.9.9.6)
      atomic (~> 1.0)
      avl_tree (~> 1.1.2)
      hitimes (~> 1.1)
    rake (10.3.1)
    rspec (2.14.1)
      rspec-core (~> 2.14.0)
      rspec-expectations (~> 2.14.0)
      rspec-mocks (~> 2.14.0)
    rspec-core (2.14.8)
    rspec-expectations (2.14.5)
      diff-lcs (>= 1.1.3, < 2.0)
    rspec-mocks (2.14.6)

PLATFORMS
  ruby

DEPENDENCIES
  bundler (~> 1.3)
  metriks_leela!
  rake
  rspec
